PATH
  remote: .
  specs:
    celluloid_pubsub_redis_adapter (0.0.1)
      celluloid_pubsub (~> 0.6, >= 0.6)
      em-hiredis (~> 0.3, >= 0.3.0)

PATH
  remote: /home/raul/workspace/github/bogdanRada/celluloid_pubsub
  specs:
    celluloid_pubsub (0.6.0)
      activesupport (~> 4.1, >= 4.1.0)
      celluloid (~> 0.16.0, ~> 0.16)
      celluloid-io (~> 0.16, >= 0.16.2)
      celluloid-websocket-client (~> 0.0, >= 0.0.1)
      http (~> 1.0, >= 1.0.2)
      json (~> 1.8, >= 1.8.3)
      reel (~> 0.6, >= 0.6.0)

GEM
  remote: http://rubygems.org/
  specs:
    activesupport (4.2.5.1)
      i18n (~> 0.7)
      json (~> 1.7, >= 1.7.7)
      minitest (~> 5.1)
      thread_safe (~> 0.3, >= 0.3.4)
      tzinfo (~> 1.1)
    addressable (2.4.0)
    celluloid (0.16.0)
      timers (~> 4.0.0)
    celluloid-io (0.16.2)
      celluloid (>= 0.16.0)
      nio4r (>= 1.1.0)
    celluloid-websocket-client (0.0.2)
      celluloid-io
      websocket-driver
    coderay (1.1.0)
    colored (1.2)
    coveralls (0.8.10)
      json (~> 1.8)
      rest-client (>= 1.6.8, < 2)
      simplecov (~> 0.11.0)
      term-ansicolor (~> 1.3)
      thor (~> 0.19.1)
      tins (~> 1.6.0)
    diff-lcs (1.2.5)
    docile (1.1.5)
    domain_name (0.5.20160128)
      unf (>= 0.0.5, < 1.0.0)
    em-hiredis (0.3.1)
      eventmachine (~> 1.0)
      hiredis (~> 0.6.0)
    eventmachine (1.0.9.1)
    github-markup (1.4.0)
    hiredis (0.6.1)
    hitimes (1.2.3)
    http (1.0.2)
      addressable (~> 2.3)
      http-cookie (~> 1.0)
      http-form_data (~> 1.0.1)
      http_parser.rb (~> 0.6.0)
    http-cookie (1.0.2)
      domain_name (~> 0.5)
    http-form_data (1.0.1)
    http_parser.rb (0.6.0)
    i18n (0.7.0)
    inch (0.7.0)
      pry
      sparkr (>= 0.2.0)
      term-ansicolor
      yard (~> 0.8.7.5)
    json (1.8.3)
    metaclass (0.0.4)
    method_source (0.8.2)
    mime-types (2.99)
    minitest (5.8.4)
    mocha (1.1.0)
      metaclass (~> 0.0.1)
    netrc (0.11.0)
    nio4r (1.2.1)
    pry (0.10.3)
      coderay (~> 1.1.0)
      method_source (~> 0.8.1)
      slop (~> 3.4)
    rack (1.6.4)
    rake (10.5.0)
    redcarpet (3.3.4)
    reel (0.6.0)
      celluloid (>= 0.15.1)
      celluloid-io (>= 0.15.0)
      http (>= 0.6.0.pre)
      http_parser.rb (>= 0.6.0)
      rack
      websocket-driver (>= 0.5.1)
    rest-client (1.8.0)
      http-cookie (>= 1.0.2, < 2.0)
      mime-types (>= 1.16, < 3.0)
      netrc (~> 0.7)
    rspec (3.4.0)
      rspec-core (~> 3.4.0)
      rspec-expectations (~> 3.4.0)
      rspec-mocks (~> 3.4.0)
    rspec-core (3.4.2)
      rspec-support (~> 3.4.0)
    rspec-expectations (3.4.0)
      diff-lcs (>= 1.2.0, < 2.0)
      rspec-support (~> 3.4.0)
    rspec-mocks (3.4.1)
      diff-lcs (>= 1.2.0, < 2.0)
      rspec-support (~> 3.4.0)
    rspec-support (3.4.1)
    simplecov (0.11.2)
      docile (~> 1.1.0)
      json (~> 1.8)
      simplecov-html (~> 0.10.0)
    simplecov-html (0.10.0)
    simplecov-summary (0.0.4)
      colored
      simplecov
    slop (3.6.0)
    sparkr (0.4.1)
    term-ansicolor (1.3.2)
      tins (~> 1.0)
    thor (0.19.1)
    thread_safe (0.3.5)
    timers (4.0.4)
      hitimes
    tins (1.6.0)
    tzinfo (1.2.2)
      thread_safe (~> 0.1)
    unf (0.1.4)
      unf_ext
    unf_ext (0.0.7.2)
    websocket-driver (0.6.3)
      websocket-extensions (>= 0.1.0)
    websocket-extensions (0.1.2)
    yard (0.8.7.6)

PLATFORMS
  ruby

DEPENDENCIES
  celluloid_pubsub!
  celluloid_pubsub_redis_adapter!
  coveralls (~> 0.7, >= 0.7)
  github-markup (~> 1.3, >= 1.3.3)
  inch (~> 0.6, >= 0.6)
  mocha (~> 1.1, >= 1.1)
  rake (~> 10.5, >= 10.5)
  redcarpet (~> 3.3, >= 3.3)
  rspec (~> 3.4, >= 3.4)
  simplecov (~> 0.10, >= 0.10)
  simplecov-summary (~> 0.0.4, >= 0.0.4)
  yard (~> 0.8, >= 0.8.7)

BUNDLED WITH
   1.11.2
